GEM
  remote: https://rubygems.org/
  specs:
    activemodel (3.2.11)
      activesupport (= 3.2.11)
      builder (~> 3.0.0)
    activesupport (3.2.11)
      i18n (~> 0.6)
      multi_json (~> 1.0)
    awesome_print (1.1.0)
    backports (3.4.0)
    builder (3.0.4)
    capistrano (2.13.5)
      highline
      net-scp (>= 1.0.0)
      net-sftp (>= 2.0.0)
      net-ssh (>= 2.0.14)
      net-ssh-gateway (>= 1.1.0)
    chronic (0.9.1)
    daemons (1.1.9)
    eventmachine (1.0.0)
    fileutils (0.7)
      rmagick (>= 2.13.1)
    foreman (0.60.2)
      thor (>= 0.13.6)
    haml (3.1.7)
    hashr (0.0.22)
    highline (1.6.15)
    httparty (0.9.0)
      multi_json (~> 1.0)
      multi_xml
    i18n (0.6.1)
    json (1.7.5)
    log4r (1.1.10)
    logger (1.2.8)
    mime-types (1.19)
    mono_logger (1.1.0)
    multi_json (1.5.0)
    multi_xml (0.5.1)
    net-scp (1.0.4)
      net-ssh (>= 1.99.1)
    net-sftp (2.0.5)
      net-ssh (>= 2.0.9)
    net-ssh (2.6.2)
    net-ssh-gateway (1.1.0)
      net-ssh (>= 1.99.1)
    nokogiri (1.5.5)
    pg (0.14.1)
    rack (1.4.1)
    rack-protection (1.3.2)
      rack
    rack-test (0.6.2)
      rack (>= 1.0)
    rake (10.0.3)
    rbc (0.2.5)
      httparty (>= 0.9.0)
      nokogiri (>= 1.5.5)
    redis (3.0.6)
    redis-namespace (1.4.1)
      redis (~> 3.0.4)
    resque (1.25.1)
      mono_logger (~> 1.0)
      multi_json (~> 1.0)
      redis-namespace (~> 1.2)
      sinatra (>= 0.9.2)
      vegas (~> 0.1.2)
    resque-status (0.4.1)
      resque (~> 1.19)
    rest-client (1.6.7)
      mime-types (>= 1.16)
    rmagick (2.13.2)
    roo (1.13.2)
      nokogiri
      rubyzip
      spreadsheet (> 0.6.4)
    ruby-ole (1.2.11.7)
    rubyzip (1.1.0)
    sax-machine (0.1.0)
      nokogiri (> 0.0.0)
    sequel (3.42.0)
    sinatra (1.3.3)
      rack (~> 1.3, >= 1.3.6)
      rack-protection (~> 1.2)
      tilt (~> 1.3, >= 1.3.3)
    sinatra-contrib (1.3.2)
      backports (>= 2.0)
      eventmachine
      rack-protection
      rack-test
      sinatra (~> 1.3.0)
      tilt (~> 1.3)
    sinatra-respond_to (0.8.0)
      sinatra (~> 1.3)
    sinatra-sequel (0.9.0)
      sequel (>= 3.2.0)
      sinatra (>= 0.9.4)
    sinatra-static-assets (1.0.4)
      sinatra (>= 1.1.0)
    spreadsheet (0.9.6)
      ruby-ole (>= 1.0)
    thin (1.5.0)
      daemons (>= 1.0.9)
      eventmachine (>= 0.12.6)
      rack (>= 1.0.0)
    thor (0.16.0)
    tilt (1.3.3)
    tire (0.5.4)
      activemodel (>= 3.0)
      hashr (~> 0.0.19)
      multi_json (~> 1.3)
      rake
      rest-client (~> 1.6)
    vegas (0.1.11)
      rack (>= 1.0.0)

PLATFORMS
  ruby

DEPENDENCIES
  awesome_print
  capistrano
  chronic
  fileutils
  foreman
  haml
  httparty
  json
  log4r
  logger
  nokogiri
  pg
  rbc
  resque (~> 1.1)
  resque-status
  roo
  sax-machine
  sinatra
  sinatra-contrib
  sinatra-respond_to
  sinatra-sequel
  sinatra-static-assets
  thin
  tire (~> 0.5.4)
